PATH
  remote: .
  specs:
    contact_printer (0.2.3)
      pdfkit (~> 0.5.2)

GEM
  remote: http://rubygems.org/
  specs:
    diff-lcs (1.1.3)
    pdfkit (0.5.2)
    rspec (2.8.0)
      rspec-core (~> 2.8.0)
      rspec-expectations (~> 2.8.0)
      rspec-mocks (~> 2.8.0)
    rspec-core (2.8.0)
    rspec-expectations (2.8.0)
      diff-lcs (~> 1.1.2)
    rspec-mocks (2.8.0)

PLATFORMS
  ruby

DEPENDENCIES
  contact_printer!
  rspec (~> 2.8.0)
